NUGET
  remote: https://api.nuget.org/v3/index.json
    Microsoft.AspNetCore.NodeServices (3.1.3) - restriction: >= netcoreapp3.1
      Microsoft.Extensions.Logging.Console (>= 3.1.3) - restriction: >= netcoreapp3.1
      Newtonsoft.Json (>= 12.0.2) - restriction: >= netcoreapp3.1
    Microsoft.AspNetCore.SpaServices (3.1.3) - restriction: >= netcoreapp3.1
      Microsoft.AspNetCore.NodeServices (>= 3.1.3) - restriction: >= netcoreapp3.1
    Microsoft.AspNetCore.SpaServices.Extensions (3.1.3)
      Microsoft.AspNetCore.SpaServices (>= 3.1.3) - restriction: >= netcoreapp3.1
      Microsoft.Extensions.FileProviders.Physical (>= 3.1.3) - restriction: >= netcoreapp3.1
    Microsoft.Extensions.Configuration (3.1.3) - restriction: >= netcoreapp3.1
      Microsoft.Extensions.Configuration.Abstractions (>= 3.1.3) - restriction: >= netstandard2.0
    Microsoft.Extensions.Configuration.Abstractions (3.1.3) - restriction: >= netcoreapp3.1
      Microsoft.Extensions.Primitives (>= 3.1.3) - restriction: >= netstandard2.0
    Microsoft.Extensions.Configuration.Binder (3.1.3) - restriction: >= netcoreapp3.1
      Microsoft.Extensions.Configuration (>= 3.1.3) - restriction: >= netstandard2.0
    Microsoft.Extensions.DependencyInjection (3.1.3) - restriction: >= netcoreapp3.1
      Microsoft.Extensions.DependencyInjection.Abstractions (>= 3.1.3) - restriction: || (>= net461) (>= netstandard2.0)
    Microsoft.Extensions.DependencyInjection.Abstractions (3.1.3) - restriction: >= netcoreapp3.1
    Microsoft.Extensions.FileProviders.Abstractions (3.1.3) - restriction: >= netcoreapp3.1
      Microsoft.Extensions.Primitives (>= 3.1.3) - restriction: >= netstandard2.0
    Microsoft.Extensions.FileProviders.Physical (3.1.3) - restriction: >= netcoreapp3.1
      Microsoft.Extensions.FileProviders.Abstractions (>= 3.1.3) - restriction: >= netstandard2.0
      Microsoft.Extensions.FileSystemGlobbing (>= 3.1.3) - restriction: >= netstandard2.0
    Microsoft.Extensions.FileSystemGlobbing (3.1.3) - restriction: >= netcoreapp3.1
    Microsoft.Extensions.Logging (3.1.3) - restriction: >= netcoreapp3.1
      Microsoft.Extensions.Configuration.Binder (>= 3.1.3) - restriction: >= netstandard2.0
      Microsoft.Extensions.DependencyInjection (>= 3.1.3) - restriction: >= netstandard2.0
      Microsoft.Extensions.Logging.Abstractions (>= 3.1.3) - restriction: >= netstandard2.0
      Microsoft.Extensions.Options (>= 3.1.3) - restriction: >= netstandard2.0
    Microsoft.Extensions.Logging.Abstractions (3.1.3) - restriction: >= netcoreapp3.1
    Microsoft.Extensions.Logging.Configuration (3.1.3) - restriction: >= netcoreapp3.1
      Microsoft.Extensions.Logging (>= 3.1.3) - restriction: >= netstandard2.0
      Microsoft.Extensions.Options.ConfigurationExtensions (>= 3.1.3) - restriction: >= netstandard2.0
    Microsoft.Extensions.Logging.Console (3.1.3) - restriction: >= netcoreapp3.1
      Microsoft.Extensions.Configuration.Abstractions (>= 3.1.3) - restriction: >= netstandard2.0
      Microsoft.Extensions.Logging (>= 3.1.3) - restriction: >= netstandard2.0
      Microsoft.Extensions.Logging.Configuration (>= 3.1.3) - restriction: >= netstandard2.0
    Microsoft.Extensions.Options (3.1.3) - restriction: >= netcoreapp3.1
      Microsoft.Extensions.DependencyInjection.Abstractions (>= 3.1.3) - restriction: >= netstandard2.0
      Microsoft.Extensions.Primitives (>= 3.1.3) - restriction: >= netstandard2.0
    Microsoft.Extensions.Options.ConfigurationExtensions (3.1.3) - restriction: >= netcoreapp3.1
      Microsoft.Extensions.Configuration.Abstractions (>= 3.1.3) - restriction: >= netstandard2.0
      Microsoft.Extensions.Configuration.Binder (>= 3.1.3) - restriction: >= netstandard2.0
      Microsoft.Extensions.DependencyInjection.Abstractions (>= 3.1.3) - restriction: >= netstandard2.0
      Microsoft.Extensions.Options (>= 3.1.3) - restriction: >= netstandard2.0
    Microsoft.Extensions.Primitives (3.1.3) - restriction: >= netcoreapp3.1
    Newtonsoft.Json (12.0.3) - restriction: >= netcoreapp3.1
